GIT
  remote: git://github.com/dblommesteijn/trans-api.git
  revision: abc213a4b8e7dddfdbe1abdabf1531d36bcf7909
  specs:
    trans-api (0.0.5)
      json (> 1.6.1)
      nokogiri (> 1.5.0)

GEM
  specs:
    json (1.8.1)
    mini_portile (0.6.0)
    nokogiri (1.6.4.1)
      mini_portile (~> 0.6.0)
    nokogiri (1.6.4.1-x64-mingw32)
      mini_portile (~> 0.6.0)

PLATFORMS
  ruby
  x64-mingw32

DEPENDENCIES
  trans-api!

BUNDLED WITH
   1.10.6
